GEM
  remote: https://rubygems.org/
  specs:
    activesupport (7.0.8)
      concurrent-ruby (~> 1.0, >= 1.0.2)
      i18n (>= 1.6, < 2)
      minitest (>= 5.1)
      tzinfo (~> 2.0)
    addressable (2.8.5)
      public_suffix (>= 2.0.2, < 6.0)
    amazing_print (1.5.0)
    ast (2.4.2)
    colorize (1.1.0)
    concurrent-ruby (1.2.2)
    csv (3.2.7)
    deep_merge (1.2.2)
    ferrum (0.13)
      addressable (~> 2.5)
      concurrent-ruby (~> 1.1)
      webrick (~> 1.7)
      websocket-driver (>= 0.6, < 0.8)
    ffi (1.15.5)
    fileutils (1.7.1)
    i18n (1.14.1)
      concurrent-ruby (~> 1.0)
    json (2.6.3)
    json (2.6.3-java)
    language_server-protocol (3.17.0.3)
    listen (3.8.0)
      rb-fsevent (~> 0.10, >= 0.10.3)
      rb-inotify (~> 0.9, >= 0.9.10)
    logger (1.5.3)
    minitest (5.20.0)
    nio4r (2.5.9)
    nio4r (2.5.9-java)
    nokogiri (1.15.4-java)
      racc (~> 1.4)
    nokogiri (1.15.4-x64-mingw-ucrt)
      racc (~> 1.4)
    parser (3.2.2.3)
      ast (~> 2.4.1)
      racc
    public_suffix (5.0.3)
    puma (6.3.1)
      nio4r (~> 2.0)
    puma (6.3.1-java)
      nio4r (~> 2.0)
    racc (1.7.1)
    racc (1.7.1-java)
    rack (3.0.8)
    rack-unreloader (2.1.0)
    rainbow (3.1.1)
    rake (13.0.6)
    rb-fsevent (0.11.2)
    rb-inotify (0.10.1)
      ffi (~> 1.0)
    rbs (3.2.1)
    roda (3.71.0)
      rack
    securerandom (0.2.2)
    steep (1.5.3)
      activesupport (>= 5.1)
      concurrent-ruby (>= 1.1.10)
      csv (>= 3.0.9)
      fileutils (>= 1.1.0)
      json (>= 2.1.0)
      language_server-protocol (>= 3.15, < 4.0)
      listen (~> 3.0)
      logger (>= 1.3.0)
      parser (>= 3.1)
      rainbow (>= 2.2.2, < 4.0)
      rbs (>= 3.1.0)
      securerandom (>= 0.1)
      strscan (>= 1.0.0)
      terminal-table (>= 2, < 4)
    strscan (3.0.6)
    terminal-table (3.0.2)
      unicode-display_width (>= 1.1.1, < 3)
    tilt (2.2.0)
    tzinfo (2.0.6)
      concurrent-ruby (~> 1.0)
    unicode-display_width (2.4.2)
    webrick (1.8.1)
    websocket-driver (0.7.6)
      websocket-extensions (>= 0.1.0)
    websocket-driver (0.7.6-java)
      websocket-extensions (>= 0.1.0)
    websocket-extensions (0.1.5)

PLATFORMS
  universal-java-11
  x64-mingw-ucrt

DEPENDENCIES
  addressable
  amazing_print
  bundler
  colorize
  deep_merge
  ferrum
  json
  nokogiri
  puma
  rack
  rack-unreloader
  rake
  roda
  steep
  tilt
  webrick

BUNDLED WITH
   2.4.19
