GEM
  remote: https://rubygems.org/
  specs:
    addressable (2.8.6)
      public_suffix (>= 2.0.2, < 6.0)
    amazing_print (1.6.0)
    base64 (0.2.0)
    colorize (1.1.0)
    concurrent-ruby (1.2.3)
    deep_merge (1.2.2)
    ferrum (0.15)
      addressable (~> 2.5)
      concurrent-ruby (~> 1.1)
      webrick (~> 1.7)
      websocket-driver (~> 0.7)
    ffi (1.16.3-x64-mingw-ucrt)
    json (2.7.1)
    listen (3.9.0)
      rb-fsevent (~> 0.10, >= 0.10.3)
      rb-inotify (~> 0.9, >= 0.9.10)
    localhost (1.2.0)
    nio4r (2.7.0)
    nokogiri (1.16.3-x64-mingw-ucrt)
      racc (~> 1.4)
    openssl (3.2.0)
    public_suffix (5.0.4)
    puma (6.4.2)
      nio4r (~> 2.0)
    racc (1.7.3)
    rack (3.0.9.1)
    rack-unreloader (2.1.0)
    rake (13.1.0)
    rb-fsevent (0.11.2)
    rb-inotify (0.10.1)
      ffi (~> 1.0)
    rerun (0.14.0)
      listen (~> 3.0)
    roda (3.78.0)
      rack
    tilt (2.3.0)
    webrick (1.8.1)
    websocket-driver (0.7.6)
      websocket-extensions (>= 0.1.0)
    websocket-extensions (0.1.5)

PLATFORMS
  x64-mingw-ucrt

DEPENDENCIES
  addressable
  amazing_print
  base64
  bundler
  colorize
  deep_merge
  ferrum
  ffi
  json
  localhost
  nokogiri
  openssl
  puma
  rack
  rack-unreloader
  rake
  rerun
  roda
  tilt
  webrick

BUNDLED WITH
   2.5.1
